GEM
  remote: https://rubygems.org/
  specs:
    json (1.7.7)
    mysql2 (0.3.11)

PLATFORMS
  ruby

DEPENDENCIES
  json
  mysql2
